GEM
  specs:
    mysql2 (0.3.15)

PLATFORMS
  ruby

DEPENDENCIES
  mysql2
